GEM
  remote: https://rubygem.org/
  specs:

PLATFORMS
  x86_64-linux

DEPENDENCIES

BUNDLED WITH
   2.4.22
